GIT
  remote: https://github.com/meew0/discordrb.git
  revision: 4274e084a9483b121cb1a6d8208c3d7e09911618
  specs:
    discordrb (3.2.1)
      discordrb-webhooks (~> 3.2.0.1)
      opus-ruby
      rbnacl (~> 3.4.0)
      rest-client (>= 2.1.0.rc1)
      websocket-client-simple (>= 0.3.0)
    discordrb-webhooks (3.2.0.1)
      rest-client (>= 2.1.0.rc1)

GEM
  remote: https://rubygems.org/
  specs:
    badass (0.0.6)
    concurrent-ruby (1.0.5)
    digest (0.0.1)
    domain_name (0.5.20180417)
      unf (>= 0.0.5, < 1.0.0)
    event_emitter (0.2.6)
    faker (1.8.7)
      i18n (>= 0.7)
    ffi (1.9.23)
    filesize (0.1.1)
    http-accept (1.7.0)
    http-cookie (1.0.3)
      domain_name (~> 0.5)
    httpclient (2.8.3)
    i18n (1.0.1)
      concurrent-ruby (~> 1.0)
    mediawiki-butt (3.0.0)
      httpclient (~> 2.8)
    mime-types (3.1)
      mime-types-data (~> 3.2015)
    mime-types-data (3.2016.0521)
    mini_portile2 (2.3.0)
    netrc (0.11.0)
    nokogiri (1.8.2)
      mini_portile2 (~> 2.3.0)
    opus-ruby (1.0.1)
      ffi
    rbnacl (3.4.0)
      ffi
    rest-client (2.1.0.rc1)
      http-accept (>= 1.7.0, < 2.0)
      http-cookie (>= 1.0.2, < 2.0)
      mime-types (>= 1.16, < 4.0)
      netrc (~> 0.8)
    rmagick (2.16.0)
    ruby-opencv (0.0.18)
    unf (0.1.4)
      unf_ext
    unf_ext (0.0.7.5)
    websocket (1.2.7)
    websocket-client-simple (0.3.0)
      event_emitter
      websocket

PLATFORMS
  ruby

DEPENDENCIES
  badass
  digest
  discordrb!
  faker
  filesize
  mediawiki-butt
  nokogiri
  rmagick
  ruby-opencv

BUNDLED WITH
   1.16.1
